GEM
  remote: https://rubygems.org/
  specs:
    ffi (1.15.4)
    jekyll-watch (2.2.1)
      listen (~> 3.0)
    kramdown (2.3.1)
      rexml
    kramdown-parser-gfm (1.1.0)
      kramdown (~> 2.0)
    listen (3.7.0)
      rb-fsevent (~> 0.10, >= 0.10.3)
      rb-inotify (~> 0.9, >= 0.9.10)
    rb-fsevent (0.11.0)
    rb-inotify (0.10.1)
      ffi (~> 1.0)
    rexml (3.3.9)
    stringex (2.8.5)
    thor (1.1.0)

PLATFORMS
  ruby

DEPENDENCIES
  jekyll-watch
  kramdown-parser-gfm
  stringex
  thor

BUNDLED WITH
   2.1.2
